PATH
  remote: .
  specs:
    prawn-labels (1.2.4)
      prawn (>= 1.0.0, < 3.0.0)

GEM
  remote: https://rubygems.org/
  specs:
    minitest (5.11.3)
    pdf-core (0.7.0)
    prawn (2.2.2)
      pdf-core (~> 0.7.0)
      ttfunk (~> 1.5)
    purdytest (2.0.0)
      minitest (~> 5.5)
    ttfunk (1.5.1)

PLATFORMS
  ruby

DEPENDENCIES
  minitest
  prawn-labels!
  purdytest

BUNDLED WITH
   1.16.0
